GEM
  remote: https://rubygems.org/
  specs:
    addressable (2.8.7)
      public_suffix (>= 2.0.2, < 7.0)
    ansi (1.5.0)
    base64 (0.3.0)
    bigdecimal (3.2.2)
    builder (3.3.0)
    crack (1.0.0)
      bigdecimal
      rexml
    dotenv (3.1.8)
    faraday (2.13.4)
      faraday-net_http (>= 2.0, < 3.5)
      json
      logger
    faraday-net_http (3.4.1)
      net-http (>= 0.5.0)
    faraday-retry (2.3.2)
      faraday (~> 2.0)
    hashdiff (1.2.0)
    json (2.13.2)
    logger (1.7.0)
    minitest (5.25.5)
    minitest-reporters (1.7.1)
      ansi
      builder
      minitest (>= 5.0)
      ruby-progressbar
    net-http (0.6.0)
      uri
    public_suffix (6.0.2)
    rake (13.3.0)
    rexml (3.4.1)
    ruby-progressbar (1.13.0)
    uri (1.0.3)
    vcr (6.3.1)
      base64
    webmock (3.25.1)
      addressable (>= 2.8.0)
      crack (>= 0.3.2)
      hashdiff (>= 0.4.0, < 2.0.0)

PLATFORMS
  arm64-darwin-22

DEPENDENCIES
  dotenv
  faraday (~> 2.9)
  faraday-retry (~> 2.1)
  logger (~> 1.6)
  minitest (~> 5.22)
  minitest-reporters (~> 1.6)
  rake
  vcr (~> 6.2)
  webmock (~> 3.23)

RUBY VERSION
   ruby 3.2.2p53

BUNDLED WITH
   2.4.20
